PATH
  remote: .
  specs:
    fop_lang (0.2.0)

GEM
  remote: https://rubygems.org/
  specs:
    minitest (5.14.4)
    rake (13.0.6)

PLATFORMS
  universal-darwin-20

DEPENDENCIES
  fop_lang!
  minitest (~> 5.10)
  rake

BUNDLED WITH
   2.2.1
