PATH
  remote: .
  specs:
    version_mask (0.1.0)

GEM
  remote: https://rubygems.org/
  specs:
    minitest (5.14.4)
    rake (13.0.6)

PLATFORMS
  universal-darwin-20

DEPENDENCIES
  minitest (~> 5.10)
  rake
  version_mask!

BUNDLED WITH
   2.2.1
